{
	"Modality": "MR",
	"MagneticFieldStrength": 3,
	"ImagingFrequency": 123.243,
	"Manufacturer": "Siemens",
	"ManufacturersModelName": "TrioTim",
	"InstitutionName": "Penn_State_SLEIC",
	"InstitutionalDepartmentName": "Department",
	"InstitutionAddress": "University_Park_Chandlee_Laboratory_State_College_Great_Lakes_U",
	"DeviceSerialNumber": "35385",
	"StationName": "MRC35385",
	"PatientPosition": "HFS",
	"ProcedureStepDescription": "Investigators_cfg2",
	"SoftwareVersions": "syngo_MR_B17",
	"MRAcquisitionType": "2D",
	"SeriesDescription": "rest",
	"ProtocolName": "rest",
	"ScanningSequence": "EP",
	"SequenceVariant": "SK",
	"ScanOptions": "FS",
	"SequenceName": "_epfid2d1_64",
	"ImageType": ["ORIGINAL", "PRIMARY", "M", "ND", "MOSAIC"],
	"SeriesNumber": 7,
	"AcquisitionTime": "16:34:42.327500",
	"AcquisitionNumber": 1,
        "SliceThickness": 4,
        "TaskName": "rest",
        "SpacingBetweenSlices": 4,
	"SAR": 0.104016,
	"EchoTime": 0.025,
	"RepetitionTime": 1.5,
	"FlipAngle": 70,
	"PartialFourier": 1,
	"BaseResolution": 64,
	"ShimSetting": [
		-4678,
		15474,
		13942,
		666,
		111,
		-439,
		-310,
		45	],
	"TxRefAmp": 300.827,
	"PhaseResolution": 1,
	"ReceiveCoilName": "HeadMatrix",
	"CoilString": "t:HEA;HEP",
	"PulseSequenceDetails": "%SiemensSeq%_ep2d_pace",
	"PercentPhaseFOV": 100,
	"PhaseEncodingSteps": 64,
	"AcquisitionMatrixPE": 64,
	"ReconMatrixPE": 64,
	"BandwidthPerPixelPhaseEncode": 27.902,
	"EffectiveEchoSpacing": 0.000559996,
	"DerivedVendorReportedEchoSpacing": 0.000559996,
	"TotalReadoutTime": 0.0352797,
	"PixelBandwidth": 2003,
	"DwellTime": 3.9e-06,
	"PhaseEncodingDirection": "j-",
	"SliceTiming": [
		1.4275,
		1.3675,
		1.3075,
		1.25,
		1.19,
		1.13,
		1.07,
		1.0125,
		0.9525,
		0.8925,
		0.8325,
		0.7725,
		0.715,
		0.655,
		0.595,
		0.535,
		0.4775,
		0.4175,
		0.3575,
		0.2975,
		0.24,
		0.18,
		0.12,
		0.06,
		0	],
	"ImageOrientationPatientDICOM": [
		0.998353,
		0.0202326,
		0.0536871,
		-0.0191693,
		0.999611,
		-0.0202472	],
	"InPlanePhaseEncodingDirectionDICOM": "COL",
	"ConversionSoftware": "dcm2niix",
	"ConversionSoftwareVersion": "v1.0.20181125  GCC7.3.1"
}
