{
	"Modality": "MR",
	"MagneticFieldStrength": 3,
	"ImagingFrequency": 123.243,
	"Manufacturer": "Siemens",
	"ManufacturersModelName": "TrioTim",
	"InstitutionName": "Penn_State_SLEIC",
	"InstitutionalDepartmentName": "Department",
	"InstitutionAddress": "University_Park_Chandlee_Laboratory_State_College_Great_Lakes_U",
	"DeviceSerialNumber": "35385",
	"StationName": "MRC35385",
	"PatientPosition": "HFS",
	"ProcedureStepDescription": "Investigators_cfg2",
	"SoftwareVersions": "syngo_MR_B17",
	"MRAcquisitionType": "3D",
	"SeriesDescription": "T1_Mprage_Axial",
	"ProtocolName": "T1_Mprage_Axial",
	"ScanningSequence": "GR_IR",
	"SequenceVariant": "SP_MP_OSP",
	"ScanOptions": "IR_PFP",
	"SequenceName": "_tfl3d1",
	"ImageType": ["ORIGINAL", "PRIMARY", "M", "ND", "NORM"],
	"SeriesNumber": 5,
	"AcquisitionTime": "16:13:48.312500",
	"AcquisitionNumber": 1,
	"SliceThickness": 1,
	"SAR": 0.0785783,
	"EchoTime": 0.00346,
	"RepetitionTime": 2,
	"InversionTime": 0.9,
	"FlipAngle": 9,
	"PartialFourier": 0.75,
	"BaseResolution": 256,
	"ShimSetting": [
		-4736,
		15530,
		13484,
		35,
		-132,
		250,
		-58,
		152	],
	"TxRefAmp": 300.827,
	"PhaseResolution": 1,
	"PhaseOversampling": 0.14,
	"ReceiveCoilName": "HeadMatrix",
	"CoilString": "C:HEA;HEP",
	"PulseSequenceDetails": "%SiemensSeq%_tfl",
	"PercentPhaseFOV": 87.5,
	"PhaseEncodingSteps": 192,
	"AcquisitionMatrixPE": 224,
	"ReconMatrixPE": 256,
	"PixelBandwidth": 179,
	"DwellTime": 1.09e-05,
	"ImageOrientationPatientDICOM": [
		0.998353,
		0.0202327,
		0.0536871,
		-0.0191694,
		0.999611,
		-0.0202472	],
	"InPlanePhaseEncodingDirectionDICOM": "ROW",
	"ConversionSoftware": "dcm2niix",
	"ConversionSoftwareVersion": "v1.0.20181125  GCC7.3.1"
}
